GEM
  remote: https://rubygems.org/
  specs:
    bigdecimal (3.1.8)
    google-protobuf (4.27.3)
      bigdecimal
      rake (>= 13)
    rake (13.2.1)

PLATFORMS
  ruby

DEPENDENCIES
  google-protobuf

BUNDLED WITH
   2.5.17
